PATH
  remote: .
  specs:
    id3tag (0.8.0)

GEM
  remote: http://rubygems.org/
  specs:
    coderay (1.1.1)
    coveralls (0.8.13)
      json (~> 1.8)
      simplecov (~> 0.11.0)
      term-ansicolor (~> 1.3)
      thor (~> 0.19.1)
      tins (~> 1.6.0)
    diff-lcs (1.2.5)
    docile (1.1.5)
    json (1.8.3)
    method_source (0.8.2)
    pry (0.10.3)
      coderay (~> 1.1.0)
      method_source (~> 0.8.1)
      slop (~> 3.4)
    rake (11.1.1)
    rdoc (4.2.2)
      json (~> 1.4)
    rspec (2.14.1)
      rspec-core (~> 2.14.0)
      rspec-expectations (~> 2.14.0)
      rspec-mocks (~> 2.14.0)
    rspec-core (2.14.8)
    rspec-expectations (2.14.5)
      diff-lcs (>= 1.1.3, < 2.0)
    rspec-mocks (2.14.6)
    simplecov (0.11.2)
      docile (~> 1.1.0)
      json (~> 1.8)
      simplecov-html (~> 0.10.0)
    simplecov-html (0.10.0)
    slop (3.6.0)
    term-ansicolor (1.3.2)
      tins (~> 1.0)
    thor (0.19.1)
    tins (1.6.0)

PLATFORMS
  ruby

DEPENDENCIES
  bundler (~> 1.11.2)
  coveralls (~> 0.8.13)
  id3tag!
  pry (~> 0.10.3)
  rake (~> 11.1.1)
  rdoc (~> 4.2.2)
  rspec (~> 2.14.1)
  simplecov (~> 0.11.2)

BUNDLED WITH
   1.11.2
